GEM
  remote: http://rubygems.org/
  specs:
    activesupport (2.3.5)
    rack (1.2.1)
    sinatra (1.1.2)
      rack (~> 1.1)
      tilt (~> 1.2)
    tilt (1.2.1)

PLATFORMS
  ruby

DEPENDENCIES
  activesupport (= 2.3.5)
  sinatra (>= 1)
